GIT
  remote: git://github.com/sosedoff/capistrano-unicorn.git
  revision: 6f7a4879d3db41644e7403b20d9410f575cfc33a
  specs:
    capistrano-unicorn (0.1.6)
      capistrano

GIT
  remote: https://github.com/ai/r18n.git
  revision: 41445c208de3d342678b993932affd0eb695a34d
  specs:
    r18n-core (1.1.3)
    sinatra-r18n (1.1.3)
      r18n-core (= 1.1.3)
      sinatra (>= 1.3)

GEM
  remote: http://rubygems.org/
  specs:
    capistrano (2.13.5)
      highline
      net-scp (>= 1.0.0)
      net-sftp (>= 2.0.0)
      net-ssh (>= 2.0.14)
      net-ssh-gateway (>= 1.1.0)
    haml (3.1.7)
    highline (1.6.15)
    kgio (2.7.4)
    net-scp (1.0.4)
      net-ssh (>= 1.99.1)
    net-sftp (2.0.5)
      net-ssh (>= 2.0.9)
    net-ssh (2.6.2)
    net-ssh-gateway (1.1.0)
      net-ssh (>= 1.99.1)
    rack (1.4.1)
    rack-protection (1.3.2)
      rack
    raindrops (0.10.0)
    sinatra (1.3.3)
      rack (~> 1.3, >= 1.3.6)
      rack-protection (~> 1.2)
      tilt (~> 1.3, >= 1.3.3)
    tilt (1.3.3)
    unicorn (4.5.0)
      kgio (~> 2.6)
      rack
      raindrops (~> 0.7)

PLATFORMS
  ruby

DEPENDENCIES
  capistrano-unicorn!
  haml
  sinatra (~> 1.3)
  sinatra-r18n!
  unicorn
