GIT
  remote: git://github.com/sosedoff/capistrano-unicorn.git
  revision: c2862dc2af256d31b2353cc223a608c05ac430b5
  specs:
    capistrano-unicorn (0.1.6)
      capistrano

GIT
  remote: https://github.com/ai/r18n.git
  revision: 4d758c88a808c30787974c5dee3f0964840928fe
  specs:
    r18n-core (1.1.4)
    sinatra-r18n (1.1.4)
      r18n-core (= 1.1.4)
      sinatra (>= 1.3)

GEM
  remote: https://rubygems.org/
  specs:
    capistrano (2.14.2)
      highline
      net-scp (>= 1.0.0)
      net-sftp (>= 2.0.0)
      net-ssh (>= 2.0.14)
      net-ssh-gateway (>= 1.1.0)
    daemons (1.1.9)
    eventmachine (1.0.1)
    haml (4.0.0)
      tilt
    highline (1.6.15)
    kgio (2.8.0)
    net-scp (1.1.0)
      net-ssh (>= 2.6.5)
    net-sftp (2.1.1)
      net-ssh (>= 2.6.5)
    net-ssh (2.6.5)
    net-ssh-gateway (1.2.0)
      net-ssh (>= 2.6.5)
    rack (1.5.2)
    rack-protection (1.4.0)
      rack
    raindrops (0.10.0)
    sinatra (1.3.5)
      rack (~> 1.4)
      rack-protection (~> 1.3)
      tilt (~> 1.3, >= 1.3.3)
    thin (1.5.0)
      daemons (>= 1.0.9)
      eventmachine (>= 0.12.6)
      rack (>= 1.0.0)
    tilt (1.3.4)
    unicorn (4.6.2)
      kgio (~> 2.6)
      rack
      raindrops (~> 0.7)

PLATFORMS
  ruby

DEPENDENCIES
  capistrano-unicorn!
  haml
  sinatra (~> 1.3)
  sinatra-r18n!
  thin
  unicorn
