GIT
  remote: https://github.com/ai/r18n.git
  revision: 73c12803ff29485e02d69ce05bf91c2c74f6eb29
  specs:
    r18n-core (0.4.14)
    sinatra-r18n (0.4.14)
      r18n-core (= 0.4.14)
      sinatra (>= 1.3)

GEM
  remote: http://rubygems.org/
  specs:
    haml (3.1.6)
    kgio (2.7.4)
    rack (1.4.1)
    rack-protection (1.2.0)
      rack
    raindrops (0.9.0)
    sinatra (1.3.2)
      rack (~> 1.3, >= 1.3.6)
      rack-protection (~> 1.2)
      tilt (~> 1.3, >= 1.3.3)
    tilt (1.3.3)
    unicorn (4.3.1)
      kgio (~> 2.6)
      rack
      raindrops (~> 0.7)

PLATFORMS
  ruby

DEPENDENCIES
  haml
  sinatra
  sinatra-r18n!
  unicorn
